GEM
  remote: https://rubygems.org/
  specs:
    rack (1.6.4)
    rack-protection (1.5.3)
      rack
    secure_headers (3.3.2)
      useragent
    sinatra (1.4.7)
      rack (~> 1.5)
      rack-protection (~> 1.4)
      tilt (>= 1.3, < 3)
    slim (3.0.7)
      temple (~> 0.7.6)
      tilt (>= 1.3.3, < 2.1)
    temple (0.7.7)
    tilt (2.0.4)
    useragent (0.16.7)

PLATFORMS
  ruby

DEPENDENCIES
  secure_headers
  sinatra
  slim

BUNDLED WITH
   1.12.2
